PATH
  remote: .
  specs:
    kramdown-latexish (1.0.2)
      bibtex-ruby (~> 6.0)
      citeproc-ruby (~> 2.0)
      csl-styles (~> 2.0)
      kramdown (~> 2.4)

GEM
  remote: https://rubygems.org/
  specs:
    ast (2.4.2)
    bibtex-ruby (6.0.0)
      latex-decode (~> 0.0)
    binding_of_caller (1.0.0)
      debug_inspector (>= 0.0.1)
    citeproc (1.0.10)
      namae (~> 1.0)
    citeproc-ruby (2.0.0)
      citeproc (~> 1.0, >= 1.0.9)
      csl (~> 2.0)
    coderay (1.1.3)
    csl (2.0.0)
      namae (~> 1.0)
      rexml
    csl-styles (2.0.1)
      csl (~> 2.0)
    debug_inspector (1.1.0)
    diff-lcs (1.5.0)
    kramdown (2.4.0)
      rexml
    latex-decode (0.4.0)
    namae (1.1.1)
    parser (3.2.2.1)
      ast (~> 2.4.1)
    proc_to_ast (0.1.0)
      coderay
      parser
      unparser
    rake (10.5.0)
    rexml (3.2.6)
    rspec (3.12.0)
      rspec-core (~> 3.12.0)
      rspec-expectations (~> 3.12.0)
      rspec-mocks (~> 3.12.0)
    rspec-core (3.12.2)
      rspec-support (~> 3.12.0)
    rspec-expectations (3.12.3)
      diff-lcs (>= 1.2.0, < 2.0)
      rspec-support (~> 3.12.0)
    rspec-mocks (3.12.5)
      diff-lcs (>= 1.2.0, < 2.0)
      rspec-support (~> 3.12.0)
    rspec-parameterized (1.0.0)
      rspec-parameterized-core (< 2)
      rspec-parameterized-table_syntax (< 2)
    rspec-parameterized-core (1.0.0)
      parser
      proc_to_ast
      rspec (>= 2.13, < 4)
      unparser
    rspec-parameterized-table_syntax (1.0.0)
      binding_of_caller
      rspec-parameterized-core (< 2)
    rspec-support (3.12.0)
    unparser (0.6.7)
      diff-lcs (~> 1.3)
      parser (>= 3.2.0)

PLATFORMS
  x86_64-darwin-20

DEPENDENCIES
  bundler (~> 2.2)
  kramdown-latexish!
  rake (~> 10.0)
  rspec (~> 3.0)
  rspec-parameterized (~> 1.0)

BUNDLED WITH
   2.2.33
